STORAGE: NONE
RESTRICTION: || (== net8.0) (== net9.0) (== netstandard2.0) (== netstandard2.1)
NUGET
  remote: https://api.nuget.org/v3/index.json
    AltCover (9.0.1)
    BenchmarkDotNet (0.14)
      BenchmarkDotNet.Annotations (>= 0.14)
      CommandLineParser (>= 2.9.1)
      Gee.External.Capstone (>= 2.3)
      Iced (>= 1.17)
      Microsoft.CodeAnalysis.CSharp (>= 4.1)
      Microsoft.Diagnostics.Runtime (>= 2.2.332302)
      Microsoft.Diagnostics.Tracing.TraceEvent (>= 3.1.8)
      Microsoft.DotNet.PlatformAbstractions (>= 3.1.6)
      Microsoft.Win32.Registry (>= 5.0) - restriction: || (&& (== net8.0) (< net6.0)) (&& (== net9.0) (< net6.0)) (== netstandard2.0) (== netstandard2.1)
      Perfolizer (0.3.17)
      System.Management (>= 5.0)
      System.Numerics.Vectors (>= 4.5) - restriction: || (&& (== net8.0) (< net6.0)) (&& (== net9.0) (< net6.0)) (== netstandard2.0) (== netstandard2.1)
      System.Reflection.Emit (>= 4.7) - restriction: || (&& (== net8.0) (< net6.0)) (&& (== net9.0) (< net6.0)) (== netstandard2.0) (== netstandard2.1)
      System.Reflection.Emit.Lightweight (>= 4.7) - restriction: || (&& (== net8.0) (< net6.0)) (&& (== net9.0) (< net6.0)) (== netstandard2.0) (== netstandard2.1)
      System.Threading.Tasks.Extensions (>= 4.5.4) - restriction: || (&& (== net8.0) (< net6.0)) (&& (== net9.0) (< net6.0)) (== netstandard2.0) (== netstandard2.1)
    BenchmarkDotNet.Annotations (0.14)
    CliWrap (3.6.7)
      Microsoft.Bcl.AsyncInterfaces (>= 8.0) - restriction: || (&& (== net8.0) (>= net462)) (&& (== net8.0) (< netstandard2.1)) (&& (== net9.0) (>= net462)) (&& (== net9.0) (< netstandard2.1)) (== netstandard2.0) (&& (== netstandard2.1) (>= net462))
      System.Management (>= 8.0) - restriction: || (&& (== net8.0) (< netcoreapp3.0)) (&& (== net8.0) (< netstandard2.1)) (&& (== net9.0) (< netcoreapp3.0)) (&& (== net9.0) (< netstandard2.1)) (== netstandard2.0) (== netstandard2.1)
      System.Memory (>= 4.5.5) - restriction: || (&& (== net8.0) (>= net462)) (&& (== net8.0) (< netstandard2.1)) (&& (== net9.0) (>= net462)) (&& (== net9.0) (< netstandard2.1)) (== netstandard2.0) (&& (== netstandard2.1) (>= net462))
      System.Threading.Tasks.Extensions (>= 4.5.4) - restriction: || (&& (== net8.0) (>= net462)) (&& (== net8.0) (< netstandard2.1)) (&& (== net9.0) (>= net462)) (&& (== net9.0) (< netstandard2.1)) (== netstandard2.0) (&& (== netstandard2.1) (>= net462))
    CommandLineParser (2.9.1)
    CommunityToolkit.HighPerformance (8.3.2)
      Microsoft.Bcl.HashCode (>= 1.1.1) - restriction: || (&& (== net8.0) (< netstandard2.1)) (&& (== net9.0) (< netstandard2.1)) (== netstandard2.0)
      System.Memory (>= 4.5.5) - restriction: || (&& (== net8.0) (< netstandard2.1)) (&& (== net9.0) (< netstandard2.1)) (== netstandard2.0)
      System.Runtime.CompilerServices.Unsafe (>= 6.0) - restriction: || (&& (== net8.0) (< net6.0)) (&& (== net8.0) (< netstandard2.1)) (&& (== net9.0) (< net6.0)) (&& (== net9.0) (< netstandard2.1)) (== netstandard2.0) (== netstandard2.1)
      System.Threading.Tasks.Extensions (>= 4.5.4) - restriction: || (&& (== net8.0) (< netstandard2.1)) (&& (== net9.0) (< netstandard2.1)) (== netstandard2.0)
    Destructurama.FSharp (2.0)
      FSharp.Core (>= 8.0.101)
      Serilog (>= 3.1.1)
    DiffPlex (1.7.2) - restriction: || (== net8.0) (== net9.0) (&& (== netstandard2.0) (>= net6.0)) (&& (== netstandard2.1) (>= net6.0))
    Dotnet.ReproducibleBuilds (1.2.25) - copy_local: true
    Expecto (10.2.1) - restriction: || (== net8.0) (== net9.0) (&& (== netstandard2.0) (>= net6.0)) (&& (== netstandard2.1) (>= net6.0))
      FSharp.Core (>= 7.0.200) - restriction: || (== net8.0) (== net9.0) (&& (== netstandard2.0) (>= net6.0)) (&& (== netstandard2.1) (>= net6.0))
      Mono.Cecil (>= 0.11.4 < 1.0) - restriction: || (== net8.0) (== net9.0) (&& (== netstandard2.0) (>= net6.0)) (&& (== netstandard2.1) (>= net6.0))
    Expecto.Diff (10.2.1)
      DiffPlex (>= 1.7.1 < 2.0) - restriction: || (== net8.0) (== net9.0) (&& (== netstandard2.0) (>= net6.0)) (&& (== netstandard2.1) (>= net6.0))
      Expecto (>= 10.2.1) - restriction: || (== net8.0) (== net9.0) (&& (== netstandard2.0) (>= net6.0)) (&& (== netstandard2.1) (>= net6.0))
      FSharp.Core (>= 7.0.200) - restriction: || (== net8.0) (== net9.0) (&& (== netstandard2.0) (>= net6.0)) (&& (== netstandard2.1) (>= net6.0))
    Fantomas.Client (0.9.1)
      FSharp.Core (>= 5.0.1)
      SemanticVersioning (>= 2.0.2)
      StreamJsonRpc (>= 2.8.28)
    FParsec (1.1.1) - restriction: || (== net8.0) (== net9.0) (&& (== netstandard2.0) (>= net5.0)) (&& (== netstandard2.1) (>= net5.0))
      FSharp.Core (>= 4.3.4)
    FSharp.Analyzers.Build (0.3)
    FSharp.Analyzers.SDK (0.28)
      FSharp.Compiler.Service (43.9.100) - restriction: || (== net8.0) (== net9.0) (&& (== netstandard2.0) (>= net8.0)) (&& (== netstandard2.1) (>= net8.0))
      FSharp.Core (9.0.100) - restriction: || (== net8.0) (== net9.0) (&& (== netstandard2.0) (>= net8.0)) (&& (== netstandard2.1) (>= net8.0))
      McMaster.NETCore.Plugins (>= 1.4) - restriction: || (== net8.0) (== net9.0) (&& (== netstandard2.0) (>= net8.0)) (&& (== netstandard2.1) (>= net8.0))
      Microsoft.Extensions.Logging.Abstractions (>= 6.0) - restriction: || (== net8.0) (== net9.0) (&& (== netstandard2.0) (>= net8.0)) (&& (== netstandard2.1) (>= net8.0))
    FSharp.Compiler.Service (43.9.101)
      FSharp.Core (9.0.101)
      System.Buffers (>= 4.5.1)
      System.Collections.Immutable (>= 8.0)
      System.Diagnostics.DiagnosticSource (>= 8.0)
      System.Memory (>= 4.5.5)
      System.Reflection.Emit (>= 4.7)
      System.Reflection.Metadata (>= 8.0)
      System.Runtime.CompilerServices.Unsafe (>= 6.0)
    FSharp.Control.AsyncSeq (3.2.1)
      FSharp.Core (>= 4.7.2)
      Microsoft.Bcl.AsyncInterfaces (>= 5.0)
    Fsharp.Control.Reactive (5.0.5) - restriction: || (== net8.0) (== net9.0) (&& (== netstandard2.0) (>= net8.0)) (&& (== netstandard2.1) (>= net8.0))
      FSharp.Core (>= 4.7.2)
      System.Reactive (>= 5.0 < 6.0)
    FSharp.Core (9.0.100)
    FSharp.Data.Adaptive (1.2.18)
      FSharp.Core (>= 4.7)
      System.Reflection.Emit.Lightweight (>= 4.6)
    FSharp.Formatting (14.0.1)
      FSharp.Compiler.Service (>= 40.0) - restriction: || (== net8.0) (== net9.0) (&& (== netstandard2.0) (>= netstandard2.1)) (== netstandard2.1)
    FSharp.UMX (1.1)
      FSharp.Core (>= 4.3.4)
    FSharpLint.Core (0.23)
      FParsec (>= 1.1.1) - restriction: || (== net8.0) (== net9.0) (&& (== netstandard2.0) (>= net5.0)) (&& (== netstandard2.1) (>= net5.0))
      FSharp.Compiler.Service (>= 40.0) - restriction: || (== net8.0) (== net9.0) (&& (== netstandard2.0) (>= net5.0)) (&& (== netstandard2.1) (>= net5.0))
      FSharp.Core (>= 5.0.2) - restriction: || (== net8.0) (== net9.0) (&& (== netstandard2.0) (>= net5.0)) (&& (== netstandard2.1) (>= net5.0))
      Ionide.ProjInfo (>= 0.53.1) - restriction: || (== net8.0) (== net9.0) (&& (== netstandard2.0) (>= net5.0)) (&& (== netstandard2.1) (>= net5.0))
      Ionide.ProjInfo.FCS (>= 0.53.1) - restriction: || (== net8.0) (== net9.0) (&& (== netstandard2.0) (>= net5.0)) (&& (== netstandard2.1) (>= net5.0))
      Ionide.ProjInfo.ProjectSystem (>= 0.53.1) - restriction: || (== net8.0) (== net9.0) (&& (== netstandard2.0) (>= net5.0)) (&& (== netstandard2.1) (>= net5.0))
      Microsoft.Build (>= 16.10) - restriction: || (== net8.0) (== net9.0) (&& (== netstandard2.0) (>= net5.0)) (&& (== netstandard2.1) (>= net5.0))
      Microsoft.Build.Framework (>= 16.10) - restriction: || (== net8.0) (== net9.0) (&& (== netstandard2.0) (>= net5.0)) (&& (== netstandard2.1) (>= net5.0))
      Microsoft.Build.Locator (>= 1.4.1) - restriction: || (== net8.0) (== net9.0) (&& (== netstandard2.0) (>= net5.0)) (&& (== netstandard2.1) (>= net5.0))
      Microsoft.Build.Tasks.Core (>= 16.10) - restriction: || (== net8.0) (== net9.0) (&& (== netstandard2.0) (>= net5.0)) (&& (== netstandard2.1) (>= net5.0))
      Microsoft.Build.Utilities.Core (>= 16.10) - restriction: || (== net8.0) (== net9.0) (&& (== netstandard2.0) (>= net5.0)) (&& (== netstandard2.1) (>= net5.0))
      Newtonsoft.Json (>= 13.0.1) - restriction: || (== net8.0) (== net9.0) (&& (== netstandard2.0) (>= net5.0)) (&& (== netstandard2.1) (>= net5.0))
    FSharpx.Async (1.14.1)
      FSharp.Control.AsyncSeq (>= 2.0.21)
      FSharp.Core (>= 4.6.2)
    FsToolkit.ErrorHandling (4.18) - restriction: || (== net8.0) (== net9.0) (== netstandard2.1)
      FSharp.Core (>= 7.0.300) - restriction: || (== net8.0) (== net9.0) (&& (== netstandard2.0) (>= netstandard2.1)) (== netstandard2.1)
    FsToolkit.ErrorHandling.TaskResult (4.18) - restriction: || (== net8.0) (== net9.0) (== netstandard2.1)
      FsToolkit.ErrorHandling (>= 4.18)
    Gee.External.Capstone (2.3)
    GitHubActionsTestLogger (2.4.1)
      Microsoft.TestPlatform.ObjectModel (>= 17.10)
    Google.Protobuf (3.28.3)
      System.Memory (>= 4.5.3) - restriction: || (&& (== net8.0) (>= net45)) (&& (== net8.0) (< net5.0)) (&& (== net8.0) (< netstandard2.0)) (&& (== net9.0) (>= net45)) (&& (== net9.0) (< net5.0)) (&& (== net9.0) (< netstandard2.0)) (== netstandard2.0) (== netstandard2.1)
      System.Runtime.CompilerServices.Unsafe (>= 4.5.2) - restriction: || (&& (== net8.0) (< net5.0)) (&& (== net9.0) (< net5.0)) (== netstandard2.0) (== netstandard2.1)
    Grpc (2.46.6) - restriction: || (&& (== net8.0) (>= net462)) (&& (== net8.0) (< netstandard2.1)) (&& (== net9.0) (>= net462)) (&& (== net9.0) (< netstandard2.1)) (== netstandard2.0) (&& (== netstandard2.1) (>= net462))
      Grpc.Core (>= 2.46.6)
    Grpc.Core (2.46.6) - restriction: || (&& (== net8.0) (>= net45)) (&& (== net8.0) (>= net462)) (&& (== net8.0) (< netstandard2.1)) (&& (== net9.0) (>= net45)) (&& (== net9.0) (>= net462)) (&& (== net9.0) (< netstandard2.1)) (== netstandard2.0) (&& (== netstandard2.1) (>= net462))
      Grpc.Core.Api (>= 2.46.6)
      System.Memory (>= 4.5.3)
    Grpc.Core.Api (2.66)
    Grpc.Net.Client (2.66) - restriction: || (== net8.0) (== net9.0) (&& (== netstandard2.0) (>= netstandard2.1)) (== netstandard2.1)
      Grpc.Net.Common (>= 2.66)
      Microsoft.Extensions.Logging.Abstractions (>= 6.0)
      System.Diagnostics.DiagnosticSource (>= 6.0.1) - restriction: || (&& (== net8.0) (>= net462)) (&& (== net8.0) (< net6.0)) (&& (== net8.0) (< netstandard2.1)) (&& (== net9.0) (>= net462)) (&& (== net9.0) (< net6.0)) (&& (== net9.0) (< netstandard2.1)) (== netstandard2.0) (== netstandard2.1)
    Grpc.Net.Common (2.66) - restriction: || (== net8.0) (== net9.0) (&& (== netstandard2.0) (>= netstandard2.1)) (== netstandard2.1)
      Grpc.Core.Api (>= 2.66)
    Humanizer.Core (2.14.1)
    Iced (1.21)
    IcedTasks (0.11.7)
      FSharp.Core (>= 6.0.1)
      Microsoft.Bcl.AsyncInterfaces (>= 6.0) - restriction: || (&& (== net8.0) (< netstandard2.1)) (&& (== net9.0) (< netstandard2.1)) (== netstandard2.0)
    ICSharpCode.Decompiler (8.2.0.7535)
      System.Collections.Immutable (>= 6.0)
      System.Reflection.Metadata (>= 6.0)
    Ionide.Analyzers (0.13)
    Ionide.KeepAChangelog.Tasks (0.1.8) - copy_local: true
    Ionide.LanguageServerProtocol (0.6)
      FSharp.Core (>= 6.0)
      Newtonsoft.Json (>= 13.0.1)
      StreamJsonRpc (>= 2.16.36)
    Ionide.ProjInfo (0.68)
      FSharp.Core (>= 6.0) - restriction: || (== net8.0) (== net9.0) (&& (== netstandard2.0) (>= net8.0)) (&& (== netstandard2.1) (>= net8.0))
      Ionide.ProjInfo.Sln (>= 0.68) - restriction: || (== net8.0) (== net9.0) (&& (== netstandard2.0) (>= net8.0)) (&& (== netstandard2.1) (>= net8.0))
      SemanticVersioning (>= 2.0.2) - restriction: || (== net8.0) (== net9.0) (&& (== netstandard2.0) (>= net8.0)) (&& (== netstandard2.1) (>= net8.0))
    Ionide.ProjInfo.FCS (0.68)
      FSharp.Compiler.Service (>= 43.9.100) - restriction: || (== net8.0) (== net9.0) (&& (== netstandard2.0) (>= net8.0)) (&& (== netstandard2.1) (>= net8.0))
      FSharp.Core (>= 9.0.100) - restriction: || (== net8.0) (== net9.0) (&& (== netstandard2.0) (>= net8.0)) (&& (== netstandard2.1) (>= net8.0))
      Ionide.ProjInfo (>= 0.68) - restriction: || (== net8.0) (== net9.0) (&& (== netstandard2.0) (>= net8.0)) (&& (== netstandard2.1) (>= net8.0))
    Ionide.ProjInfo.ProjectSystem (0.68)
      Fsharp.Control.Reactive (>= 5.0.5) - restriction: || (== net8.0) (== net9.0) (&& (== netstandard2.0) (>= net8.0)) (&& (== netstandard2.1) (>= net8.0))
      Ionide.ProjInfo.FCS (>= 0.68) - restriction: || (== net8.0) (== net9.0) (&& (== netstandard2.0) (>= net8.0)) (&& (== netstandard2.1) (>= net8.0))
      Newtonsoft.Json (>= 13.0.3) - restriction: || (== net8.0) (== net9.0) (&& (== netstandard2.0) (>= net8.0)) (&& (== netstandard2.1) (>= net8.0))
    Ionide.ProjInfo.Sln (0.68)
    LinkDotNet.StringBuilder (1.18)
    McMaster.NETCore.Plugins (1.4) - restriction: || (== net8.0) (== net9.0) (&& (== netstandard2.0) (>= net8.0)) (&& (== netstandard2.1) (>= net8.0))
      Microsoft.DotNet.PlatformAbstractions (>= 3.1.6) - restriction: || (== net8.0) (== net9.0) (&& (== netstandard2.0) (>= netcoreapp2.1)) (&& (== netstandard2.1) (>= netcoreapp2.1))
      Microsoft.Extensions.DependencyModel (>= 5.0) - restriction: || (== net8.0) (== net9.0) (&& (== netstandard2.0) (>= netcoreapp2.1)) (&& (== netstandard2.1) (>= netcoreapp2.1))
    MessagePack (2.5.192)
      MessagePack.Annotations (>= 2.5.192)
      Microsoft.Bcl.AsyncInterfaces (>= 6.0) - restriction: || (&& (== net8.0) (>= net472)) (&& (== net8.0) (< net6.0)) (&& (== net9.0) (>= net472)) (&& (== net9.0) (< net6.0)) (== netstandard2.0) (== netstandard2.1)
      Microsoft.NET.StringTools (>= 17.6.3)
      System.Collections.Immutable (>= 6.0) - restriction: || (&& (== net8.0) (>= net472)) (&& (== net8.0) (< net6.0)) (&& (== net9.0) (>= net472)) (&& (== net9.0) (< net6.0)) (== netstandard2.0) (== netstandard2.1)
      System.Memory (>= 4.5.5) - restriction: || (&& (== net8.0) (>= net472)) (&& (== net8.0) (< net6.0)) (&& (== net9.0) (>= net472)) (&& (== net9.0) (< net6.0)) (== netstandard2.0) (== netstandard2.1)
      System.Reflection.Emit (>= 4.7) - restriction: || (&& (== net8.0) (< net6.0)) (&& (== net9.0) (< net6.0)) (== netstandard2.0) (== netstandard2.1)
      System.Reflection.Emit.Lightweight (>= 4.7) - restriction: || (&& (== net8.0) (< net6.0)) (&& (== net9.0) (< net6.0)) (== netstandard2.0) (== netstandard2.1)
      System.Runtime.CompilerServices.Unsafe (>= 6.0) - restriction: || (&& (== net8.0) (>= net472)) (&& (== net8.0) (< net6.0)) (&& (== net9.0) (>= net472)) (&& (== net9.0) (< net6.0)) (== netstandard2.0) (== netstandard2.1)
      System.Threading.Tasks.Extensions (>= 4.5.4) - restriction: || (&& (== net8.0) (>= net472)) (&& (== net8.0) (< net6.0)) (&& (== net9.0) (>= net472)) (&& (== net9.0) (< net6.0)) (== netstandard2.0) (== netstandard2.1)
    MessagePack.Annotations (2.5.192)
    Microsoft.Bcl.AsyncInterfaces (9.0.1)
      System.Threading.Tasks.Extensions (>= 4.5.4) - restriction: || (&& (== net8.0) (>= net462)) (&& (== net8.0) (< netstandard2.1)) (&& (== net9.0) (>= net462)) (&& (== net9.0) (< netstandard2.1)) (== netstandard2.0) (&& (== netstandard2.1) (>= net462))
    Microsoft.Bcl.Cryptography (9.0.1) - restriction: || (== net8.0) (&& (== net9.0) (>= net462)) (&& (== net9.0) (< net8.0)) (&& (== net9.0) (< netstandard2.1)) (== netstandard2.0) (== netstandard2.1)
      System.Formats.Asn1 (>= 9.0.1) - restriction: || (== net8.0) (&& (== net9.0) (>= net462)) (&& (== net9.0) (< net8.0)) (== netstandard2.0) (== netstandard2.1)
      System.Memory (>= 4.5.5) - restriction: || (&& (== net8.0) (>= net462)) (&& (== net9.0) (>= net462)) (&& (== net9.0) (< net8.0)) (== netstandard2.0) (== netstandard2.1)
      System.Runtime.CompilerServices.Unsafe (>= 6.0) - restriction: || (&& (== net8.0) (>= net462)) (&& (== net9.0) (>= net462)) (&& (== net9.0) (< net8.0)) (== netstandard2.0) (== netstandard2.1)
    Microsoft.Bcl.HashCode (6.0) - restriction: || (&& (== net8.0) (>= net462)) (&& (== net8.0) (< netstandard2.1)) (&& (== net9.0) (>= net462)) (&& (== net9.0) (< net8.0)) (&& (== net9.0) (< netstandard2.1)) (== netstandard2.0) (== netstandard2.1)
    Microsoft.Build (17.12.6) - copy_local: false
      Microsoft.Build.Framework (>= 17.12.6) - restriction: || (&& (== net8.0) (>= net472)) (&& (== net8.0) (>= net9.0)) (== net9.0) (&& (== netstandard2.0) (>= net472)) (&& (== netstandard2.0) (>= net9.0)) (&& (== netstandard2.1) (>= net472)) (&& (== netstandard2.1) (>= net9.0))
      Microsoft.NET.StringTools (>= 17.12.6) - restriction: || (&& (== net8.0) (>= net472)) (&& (== net8.0) (>= net9.0)) (== net9.0) (&& (== netstandard2.0) (>= net472)) (&& (== netstandard2.0) (>= net9.0)) (&& (== netstandard2.1) (>= net472)) (&& (== netstandard2.1) (>= net9.0))
      System.Collections.Immutable (>= 8.0) - restriction: || (&& (== net8.0) (>= net472)) (&& (== net8.0) (>= net9.0)) (== net9.0) (&& (== netstandard2.0) (>= net472)) (&& (== netstandard2.0) (>= net9.0)) (&& (== netstandard2.1) (>= net472)) (&& (== netstandard2.1) (>= net9.0))
      System.Configuration.ConfigurationManager (>= 8.0) - restriction: || (&& (== net8.0) (>= net472)) (&& (== net8.0) (>= net9.0)) (== net9.0) (&& (== netstandard2.0) (>= net472)) (&& (== netstandard2.0) (>= net9.0)) (&& (== netstandard2.1) (>= net472)) (&& (== netstandard2.1) (>= net9.0))
      System.Reflection.Metadata (>= 8.0) - restriction: || (&& (== net8.0) (>= net472)) (&& (== net8.0) (>= net9.0)) (== net9.0) (&& (== netstandard2.0) (>= net472)) (&& (== netstandard2.0) (>= net9.0)) (&& (== netstandard2.1) (>= net472)) (&& (== netstandard2.1) (>= net9.0))
      System.Reflection.MetadataLoadContext (>= 8.0) - restriction: || (&& (== net8.0) (>= net472)) (&& (== net8.0) (>= net9.0)) (== net9.0) (&& (== netstandard2.0) (>= net472)) (&& (== netstandard2.0) (>= net9.0)) (&& (== netstandard2.1) (>= net472)) (&& (== netstandard2.1) (>= net9.0))
    Microsoft.Build.Framework (17.12.6) - copy_local: false
      Microsoft.Win32.Registry (>= 5.0) - restriction: || (== net8.0) (== netstandard2.0) (== netstandard2.1)
      System.Memory (>= 4.5.5) - restriction: || (== net8.0) (== netstandard2.0) (== netstandard2.1)
      System.Runtime.CompilerServices.Unsafe (>= 6.0) - restriction: || (== net8.0) (&& (== net9.0) (>= net472)) (== netstandard2.0) (== netstandard2.1)
      System.Security.Principal.Windows (>= 5.0) - restriction: || (== net8.0) (== netstandard2.0) (== netstandard2.1)
    Microsoft.Build.Locator (1.7.8) - restriction: || (== net8.0) (== net9.0) (&& (== netstandard2.0) (>= net5.0)) (&& (== netstandard2.1) (>= net5.0))
    Microsoft.Build.Tasks.Core (17.12.6) - copy_local: false
      Microsoft.Build.Framework (>= 17.12.6)
      Microsoft.Build.Utilities.Core (>= 17.12.6)
      Microsoft.NET.StringTools (>= 17.12.6)
      Microsoft.Win32.Registry (>= 5.0) - restriction: || (== net8.0) (== netstandard2.0) (== netstandard2.1)
      System.CodeDom (>= 8.0)
      System.Collections.Immutable (>= 8.0)
      System.Configuration.ConfigurationManager (>= 8.0)
      System.Formats.Asn1 (>= 8.0.1)
      System.Memory (>= 4.5.5) - restriction: || (== net8.0) (&& (== net9.0) (>= net472)) (== netstandard2.0) (== netstandard2.1)
      System.Reflection.Metadata (>= 8.0) - restriction: || (== net8.0) (== netstandard2.0) (== netstandard2.1)
      System.Resources.Extensions (>= 8.0)
      System.Runtime.CompilerServices.Unsafe (>= 6.0) - restriction: || (== net8.0) (&& (== net9.0) (>= net472)) (== netstandard2.0) (== netstandard2.1)
      System.Security.Cryptography.Pkcs (>= 8.0)
      System.Security.Cryptography.Xml (>= 8.0)
      System.Security.Principal.Windows (>= 5.0) - restriction: || (== net8.0) (== netstandard2.0) (== netstandard2.1)
      System.Text.Encoding.CodePages (>= 7.0) - restriction: || (== net8.0) (== netstandard2.0) (== netstandard2.1)
      System.Threading.Tasks.Dataflow (>= 8.0) - restriction: || (== net8.0) (&& (== net9.0) (>= net472)) (== netstandard2.0) (== netstandard2.1)
    Microsoft.Build.Utilities.Core (17.12.6) - copy_local: false
      Microsoft.Build.Framework (>= 17.12.6)
      Microsoft.NET.StringTools (>= 17.12.6)
      Microsoft.Win32.Registry (>= 5.0) - restriction: || (== net8.0) (== netstandard2.0) (== netstandard2.1)
      System.Collections.Immutable (>= 8.0)
      System.Configuration.ConfigurationManager (>= 8.0)
      System.Memory (>= 4.5.5) - restriction: || (== net8.0) (&& (== net9.0) (>= net472)) (== netstandard2.0) (== netstandard2.1)
      System.Runtime.CompilerServices.Unsafe (>= 6.0) - restriction: || (== net8.0) (&& (== net9.0) (>= net472)) (== netstandard2.0) (== netstandard2.1)
      System.Security.Principal.Windows (>= 5.0) - restriction: || (== net8.0) (== netstandard2.0) (== netstandard2.1)
      System.Text.Encoding.CodePages (>= 7.0) - restriction: || (== net8.0) (== netstandard2.0) (== netstandard2.1)
    Microsoft.CodeAnalysis (4.11)
      Humanizer.Core (>= 2.14.1)
      Microsoft.Bcl.AsyncInterfaces (>= 8.0)
      Microsoft.CodeAnalysis.Analyzers (>= 3.3.4)
      Microsoft.CodeAnalysis.CSharp.Workspaces (4.11)
      Microsoft.CodeAnalysis.VisualBasic.Workspaces (4.11)
      System.Buffers (>= 4.5.1)
      System.Collections.Immutable (>= 8.0)
      System.Composition (>= 8.0)
      System.IO.Pipelines (>= 8.0)
      System.Memory (>= 4.5.5)
      System.Numerics.Vectors (>= 4.5)
      System.Reflection.Metadata (>= 8.0)
      System.Runtime.CompilerServices.Unsafe (>= 6.0)
      System.Text.Encoding.CodePages (>= 7.0)
      System.Threading.Channels (>= 7.0)
      System.Threading.Tasks.Extensions (>= 4.5.4)
    Microsoft.CodeAnalysis.Analyzers (3.11)
    Microsoft.CodeAnalysis.Common (4.11)
      Microsoft.CodeAnalysis.Analyzers (>= 3.3.4)
      System.Buffers (>= 4.5.1) - restriction: || (&& (== net8.0) (< net7.0)) (&& (== net9.0) (< net7.0)) (== netstandard2.0) (== netstandard2.1)
      System.Collections.Immutable (>= 8.0)
      System.Memory (>= 4.5.5) - restriction: || (&& (== net8.0) (< net7.0)) (&& (== net9.0) (< net7.0)) (== netstandard2.0) (== netstandard2.1)
      System.Numerics.Vectors (>= 4.5) - restriction: || (&& (== net8.0) (< net7.0)) (&& (== net9.0) (< net7.0)) (== netstandard2.0) (== netstandard2.1)
      System.Reflection.Metadata (>= 8.0)
      System.Runtime.CompilerServices.Unsafe (>= 6.0) - restriction: || (&& (== net8.0) (< net7.0)) (&& (== net9.0) (< net7.0)) (== netstandard2.0) (== netstandard2.1)
      System.Text.Encoding.CodePages (>= 7.0) - restriction: || (&& (== net8.0) (< net7.0)) (&& (== net9.0) (< net7.0)) (== netstandard2.0) (== netstandard2.1)
      System.Threading.Tasks.Extensions (>= 4.5.4) - restriction: || (&& (== net8.0) (< net7.0)) (&& (== net9.0) (< net7.0)) (== netstandard2.0) (== netstandard2.1)
    Microsoft.CodeAnalysis.CSharp (4.11)
      Microsoft.CodeAnalysis.Analyzers (>= 3.3.4)
      Microsoft.CodeAnalysis.Common (4.11)
      System.Buffers (>= 4.5.1) - restriction: || (&& (== net8.0) (< net7.0)) (&& (== net9.0) (< net7.0)) (== netstandard2.0) (== netstandard2.1)
      System.Collections.Immutable (>= 8.0)
      System.Memory (>= 4.5.5) - restriction: || (&& (== net8.0) (< net7.0)) (&& (== net9.0) (< net7.0)) (== netstandard2.0) (== netstandard2.1)
      System.Numerics.Vectors (>= 4.5) - restriction: || (&& (== net8.0) (< net7.0)) (&& (== net9.0) (< net7.0)) (== netstandard2.0) (== netstandard2.1)
      System.Reflection.Metadata (>= 8.0)
      System.Runtime.CompilerServices.Unsafe (>= 6.0) - restriction: || (&& (== net8.0) (< net7.0)) (&& (== net9.0) (< net7.0)) (== netstandard2.0) (== netstandard2.1)
      System.Text.Encoding.CodePages (>= 7.0) - restriction: || (&& (== net8.0) (< net7.0)) (&& (== net9.0) (< net7.0)) (== netstandard2.0) (== netstandard2.1)
      System.Threading.Tasks.Extensions (>= 4.5.4) - restriction: || (&& (== net8.0) (< net7.0)) (&& (== net9.0) (< net7.0)) (== netstandard2.0) (== netstandard2.1)
    Microsoft.CodeAnalysis.CSharp.Workspaces (4.11)
      Humanizer.Core (>= 2.14.1)
      Microsoft.Bcl.AsyncInterfaces (>= 8.0) - restriction: || (&& (== net8.0) (< net7.0)) (&& (== net9.0) (< net7.0)) (== netstandard2.0) (== netstandard2.1)
      Microsoft.CodeAnalysis.Analyzers (>= 3.3.4)
      Microsoft.CodeAnalysis.Common (4.11)
      Microsoft.CodeAnalysis.CSharp (4.11)
      Microsoft.CodeAnalysis.Workspaces.Common (4.11)
      System.Buffers (>= 4.5.1) - restriction: || (&& (== net8.0) (< net7.0)) (&& (== net9.0) (< net7.0)) (== netstandard2.0) (== netstandard2.1)
      System.Collections.Immutable (>= 8.0)
      System.Composition (>= 8.0)
      System.IO.Pipelines (>= 8.0)
      System.Memory (>= 4.5.5) - restriction: || (&& (== net8.0) (< net7.0)) (&& (== net9.0) (< net7.0)) (== netstandard2.0) (== netstandard2.1)
      System.Numerics.Vectors (>= 4.5) - restriction: || (&& (== net8.0) (< net7.0)) (&& (== net9.0) (< net7.0)) (== netstandard2.0) (== netstandard2.1)
      System.Reflection.Metadata (>= 8.0)
      System.Runtime.CompilerServices.Unsafe (>= 6.0) - restriction: || (&& (== net8.0) (< net7.0)) (&& (== net9.0) (< net7.0)) (== netstandard2.0) (== netstandard2.1)
      System.Text.Encoding.CodePages (>= 7.0) - restriction: || (&& (== net8.0) (< net7.0)) (&& (== net9.0) (< net7.0)) (== netstandard2.0) (== netstandard2.1)
      System.Threading.Channels (>= 7.0)
      System.Threading.Tasks.Extensions (>= 4.5.4) - restriction: || (&& (== net8.0) (< net7.0)) (&& (== net9.0) (< net7.0)) (== netstandard2.0) (== netstandard2.1)
    Microsoft.CodeAnalysis.VisualBasic (4.11)
      Microsoft.CodeAnalysis.Analyzers (>= 3.3.4)
      Microsoft.CodeAnalysis.Common (4.11)
      System.Buffers (>= 4.5.1) - restriction: || (&& (== net8.0) (< net7.0)) (&& (== net9.0) (< net7.0)) (== netstandard2.0) (== netstandard2.1)
      System.Collections.Immutable (>= 8.0)
      System.Memory (>= 4.5.5) - restriction: || (&& (== net8.0) (< net7.0)) (&& (== net9.0) (< net7.0)) (== netstandard2.0) (== netstandard2.1)
      System.Numerics.Vectors (>= 4.5) - restriction: || (&& (== net8.0) (< net7.0)) (&& (== net9.0) (< net7.0)) (== netstandard2.0) (== netstandard2.1)
      System.Reflection.Metadata (>= 8.0)
      System.Runtime.CompilerServices.Unsafe (>= 6.0) - restriction: || (&& (== net8.0) (< net7.0)) (&& (== net9.0) (< net7.0)) (== netstandard2.0) (== netstandard2.1)
      System.Text.Encoding.CodePages (>= 7.0) - restriction: || (&& (== net8.0) (< net7.0)) (&& (== net9.0) (< net7.0)) (== netstandard2.0) (== netstandard2.1)
      System.Threading.Tasks.Extensions (>= 4.5.4) - restriction: || (&& (== net8.0) (< net7.0)) (&& (== net9.0) (< net7.0)) (== netstandard2.0) (== netstandard2.1)
    Microsoft.CodeAnalysis.VisualBasic.Workspaces (4.11)
      Humanizer.Core (>= 2.14.1)
      Microsoft.Bcl.AsyncInterfaces (>= 8.0) - restriction: || (&& (== net8.0) (< net7.0)) (&& (== net9.0) (< net7.0)) (== netstandard2.0) (== netstandard2.1)
      Microsoft.CodeAnalysis.Analyzers (>= 3.3.4)
      Microsoft.CodeAnalysis.Common (4.11)
      Microsoft.CodeAnalysis.VisualBasic (4.11)
      Microsoft.CodeAnalysis.Workspaces.Common (4.11)
      System.Buffers (>= 4.5.1) - restriction: || (&& (== net8.0) (< net7.0)) (&& (== net9.0) (< net7.0)) (== netstandard2.0) (== netstandard2.1)
      System.Collections.Immutable (>= 8.0)
      System.Composition (>= 8.0)
      System.IO.Pipelines (>= 8.0)
      System.Memory (>= 4.5.5) - restriction: || (&& (== net8.0) (< net7.0)) (&& (== net9.0) (< net7.0)) (== netstandard2.0) (== netstandard2.1)
      System.Numerics.Vectors (>= 4.5) - restriction: || (&& (== net8.0) (< net7.0)) (&& (== net9.0) (< net7.0)) (== netstandard2.0) (== netstandard2.1)
      System.Reflection.Metadata (>= 8.0)
      System.Runtime.CompilerServices.Unsafe (>= 6.0) - restriction: || (&& (== net8.0) (< net7.0)) (&& (== net9.0) (< net7.0)) (== netstandard2.0) (== netstandard2.1)
      System.Text.Encoding.CodePages (>= 7.0) - restriction: || (&& (== net8.0) (< net7.0)) (&& (== net9.0) (< net7.0)) (== netstandard2.0) (== netstandard2.1)
      System.Threading.Channels (>= 7.0)
      System.Threading.Tasks.Extensions (>= 4.5.4) - restriction: || (&& (== net8.0) (< net7.0)) (&& (== net9.0) (< net7.0)) (== netstandard2.0) (== netstandard2.1)
    Microsoft.CodeAnalysis.Workspaces.Common (4.11)
      Humanizer.Core (>= 2.14.1)
      Microsoft.Bcl.AsyncInterfaces (>= 8.0) - restriction: || (&& (== net8.0) (< net7.0)) (&& (== net9.0) (< net7.0)) (== netstandard2.0) (== netstandard2.1)
      Microsoft.CodeAnalysis.Analyzers (>= 3.3.4)
      Microsoft.CodeAnalysis.Common (4.11)
      System.Buffers (>= 4.5.1) - restriction: || (&& (== net8.0) (< net7.0)) (&& (== net9.0) (< net7.0)) (== netstandard2.0) (== netstandard2.1)
      System.Collections.Immutable (>= 8.0)
      System.Composition (>= 8.0)
      System.IO.Pipelines (>= 8.0)
      System.Memory (>= 4.5.5) - restriction: || (&& (== net8.0) (< net7.0)) (&& (== net9.0) (< net7.0)) (== netstandard2.0) (== netstandard2.1)
      System.Numerics.Vectors (>= 4.5) - restriction: || (&& (== net8.0) (< net7.0)) (&& (== net9.0) (< net7.0)) (== netstandard2.0) (== netstandard2.1)
      System.Reflection.Metadata (>= 8.0)
      System.Runtime.CompilerServices.Unsafe (>= 6.0) - restriction: || (&& (== net8.0) (< net7.0)) (&& (== net9.0) (< net7.0)) (== netstandard2.0) (== netstandard2.1)
      System.Text.Encoding.CodePages (>= 7.0) - restriction: || (&& (== net8.0) (< net7.0)) (&& (== net9.0) (< net7.0)) (== netstandard2.0) (== netstandard2.1)
      System.Threading.Channels (>= 7.0)
      System.Threading.Tasks.Extensions (>= 4.5.4) - restriction: || (&& (== net8.0) (< net7.0)) (&& (== net9.0) (< net7.0)) (== netstandard2.0) (== netstandard2.1)
    Microsoft.CodeCoverage (17.12) - restriction: || (== net8.0) (== net9.0) (&& (== netstandard2.0) (>= net462)) (&& (== netstandard2.0) (>= netcoreapp3.1)) (&& (== netstandard2.1) (>= net462)) (&& (== netstandard2.1) (>= netcoreapp3.1))
    Microsoft.Diagnostics.NETCore.Client (0.2.553101)
      Microsoft.Bcl.AsyncInterfaces (>= 6.0) - restriction: || (&& (== net8.0) (< net6.0)) (&& (== net9.0) (< net6.0)) (== netstandard2.0) (== netstandard2.1)
      Microsoft.Extensions.Logging.Abstractions (>= 6.0.4)
      System.Buffers (>= 4.5.1) - restriction: || (&& (== net8.0) (< net6.0)) (&& (== net9.0) (< net6.0)) (== netstandard2.0) (== netstandard2.1)
    Microsoft.Diagnostics.Runtime (3.1.512801)
      Microsoft.Diagnostics.NETCore.Client (>= 0.2.410101)
      System.Collections.Immutable (>= 6.0) - restriction: || (&& (== net8.0) (< net6.0)) (&& (== net9.0) (< net6.0)) (== netstandard2.0) (== netstandard2.1)
      System.Runtime.CompilerServices.Unsafe (>= 6.0) - restriction: || (&& (== net8.0) (< net6.0)) (&& (== net9.0) (< net6.0)) (== netstandard2.0) (== netstandard2.1)
    Microsoft.Diagnostics.Tracing.TraceEvent (3.1.18)
      Microsoft.Diagnostics.NETCore.Client (>= 0.2.510501)
      Microsoft.Win32.Registry (>= 5.0)
      System.Collections.Immutable (>= 8.0)
      System.Reflection.Metadata (>= 8.0)
      System.Reflection.TypeExtensions (>= 4.7)
      System.Runtime.CompilerServices.Unsafe (>= 6.0)
    Microsoft.DotNet.PlatformAbstractions (3.1.6)
    Microsoft.Extensions.Caching.Abstractions (9.0.1)
      Microsoft.Extensions.Primitives (>= 9.0.1)
      System.Threading.Tasks.Extensions (>= 4.5.4) - restriction: || (&& (== net8.0) (>= net462)) (&& (== net9.0) (>= net462)) (&& (== net9.0) (< net8.0)) (== netstandard2.0) (== netstandard2.1)
    Microsoft.Extensions.Caching.Memory (9.0.1)
      Microsoft.Extensions.Caching.Abstractions (>= 9.0.1)
      Microsoft.Extensions.DependencyInjection.Abstractions (>= 9.0.1)
      Microsoft.Extensions.Logging.Abstractions (>= 9.0.1)
      Microsoft.Extensions.Options (>= 9.0.1)
      Microsoft.Extensions.Primitives (>= 9.0.1)
    Microsoft.Extensions.Configuration (9.0.1)
      Microsoft.Extensions.Configuration.Abstractions (>= 9.0.1)
      Microsoft.Extensions.Primitives (>= 9.0.1)
    Microsoft.Extensions.Configuration.Abstractions (9.0.1)
      Microsoft.Extensions.Primitives (>= 9.0.1)
    Microsoft.Extensions.Configuration.Binder (9.0.1)
      Microsoft.Extensions.Configuration.Abstractions (>= 9.0.1)
    Microsoft.Extensions.DependencyInjection (9.0.1)
      Microsoft.Bcl.AsyncInterfaces (>= 9.0.1) - restriction: || (&& (== net8.0) (>= net462)) (&& (== net8.0) (< netstandard2.1)) (&& (== net9.0) (>= net462)) (&& (== net9.0) (< netstandard2.1)) (== netstandard2.0) (&& (== netstandard2.1) (>= net462))
      Microsoft.Extensions.DependencyInjection.Abstractions (>= 9.0.1)
      System.Threading.Tasks.Extensions (>= 4.5.4) - restriction: || (&& (== net8.0) (>= net462)) (&& (== net8.0) (< netstandard2.1)) (&& (== net9.0) (>= net462)) (&& (== net9.0) (< netstandard2.1)) (== netstandard2.0) (&& (== netstandard2.1) (>= net462))
    Microsoft.Extensions.DependencyInjection.Abstractions (9.0.1)
      Microsoft.Bcl.AsyncInterfaces (>= 9.0.1) - restriction: || (&& (== net8.0) (>= net462)) (&& (== net8.0) (< netstandard2.1)) (&& (== net9.0) (>= net462)) (&& (== net9.0) (< netstandard2.1)) (== netstandard2.0) (&& (== netstandard2.1) (>= net462))
      System.Threading.Tasks.Extensions (>= 4.5.4) - restriction: || (&& (== net8.0) (>= net462)) (&& (== net8.0) (< netstandard2.1)) (&& (== net9.0) (>= net462)) (&& (== net9.0) (< netstandard2.1)) (== netstandard2.0) (&& (== netstandard2.1) (>= net462))
    Microsoft.Extensions.DependencyModel (9.0.1) - restriction: || (== net8.0) (== net9.0) (&& (== netstandard2.0) (>= net8.0)) (&& (== netstandard2.1) (>= net8.0))
      System.Text.Encodings.Web (>= 9.0.1) - restriction: || (== net8.0) (&& (== net9.0) (>= net462)) (&& (== net9.0) (< net8.0)) (== netstandard2.0) (== netstandard2.1)
      System.Text.Json (>= 9.0.1) - restriction: || (== net8.0) (&& (== net9.0) (>= net462)) (&& (== net9.0) (< net8.0)) (== netstandard2.0) (== netstandard2.1)
    Microsoft.Extensions.Diagnostics.Abstractions (9.0.1)
      Microsoft.Extensions.DependencyInjection.Abstractions (>= 9.0.1)
      Microsoft.Extensions.Options (>= 9.0.1)
      System.Buffers (>= 4.5.1) - restriction: || (&& (== net8.0) (>= net462)) (&& (== net9.0) (>= net462)) (&& (== net9.0) (< net8.0)) (== netstandard2.0) (== netstandard2.1)
      System.Diagnostics.DiagnosticSource (>= 9.0.1) - restriction: || (== net8.0) (&& (== net9.0) (>= net462)) (&& (== net9.0) (< net8.0)) (== netstandard2.0) (== netstandard2.1)
      System.Memory (>= 4.5.5) - restriction: || (&& (== net8.0) (>= net462)) (&& (== net9.0) (>= net462)) (&& (== net9.0) (< net8.0)) (== netstandard2.0) (== netstandard2.1)
    Microsoft.Extensions.Logging (9.0.1)
      Microsoft.Bcl.AsyncInterfaces (>= 9.0.1) - restriction: || (&& (== net8.0) (>= net462)) (&& (== net8.0) (< netstandard2.1)) (&& (== net9.0) (>= net462)) (&& (== net9.0) (< netstandard2.1)) (== netstandard2.0) (&& (== netstandard2.1) (>= net462))
      Microsoft.Extensions.DependencyInjection (>= 9.0.1)
      Microsoft.Extensions.Logging.Abstractions (>= 9.0.1)
      Microsoft.Extensions.Options (>= 9.0.1)
      System.Diagnostics.DiagnosticSource (>= 9.0.1) - restriction: || (&& (== net8.0) (>= net462)) (&& (== net8.0) (< netstandard2.1)) (&& (== net9.0) (>= net462)) (&& (== net9.0) (< net8.0)) (&& (== net9.0) (< netstandard2.1)) (== netstandard2.0) (== netstandard2.1)
    Microsoft.Extensions.Logging.Abstractions (9.0.1)
      Microsoft.Extensions.DependencyInjection.Abstractions (>= 9.0.1)
      System.Buffers (>= 4.5.1) - restriction: || (&& (== net8.0) (>= net462)) (&& (== net9.0) (>= net462)) (&& (== net9.0) (< net8.0)) (== netstandard2.0) (== netstandard2.1)
      System.Diagnostics.DiagnosticSource (>= 9.0.1) - restriction: || (== net8.0) (&& (== net9.0) (>= net462)) (&& (== net9.0) (< net8.0)) (== netstandard2.0) (== netstandard2.1)
      System.Memory (>= 4.5.5) - restriction: || (&& (== net8.0) (>= net462)) (&& (== net9.0) (>= net462)) (&& (== net9.0) (< net8.0)) (== netstandard2.0) (== netstandard2.1)
    Microsoft.Extensions.Logging.Configuration (9.0.1)
      Microsoft.Extensions.Configuration (>= 9.0.1)
      Microsoft.Extensions.Configuration.Abstractions (>= 9.0.1)
      Microsoft.Extensions.Configuration.Binder (>= 9.0.1)
      Microsoft.Extensions.DependencyInjection.Abstractions (>= 9.0.1)
      Microsoft.Extensions.Logging (>= 9.0.1)
      Microsoft.Extensions.Logging.Abstractions (>= 9.0.1)
      Microsoft.Extensions.Options (>= 9.0.1)
      Microsoft.Extensions.Options.ConfigurationExtensions (>= 9.0.1)
    Microsoft.Extensions.Options (9.0.1)
      Microsoft.Extensions.DependencyInjection.Abstractions (>= 9.0.1)
      Microsoft.Extensions.Primitives (>= 9.0.1)
      System.ComponentModel.Annotations (>= 5.0) - restriction: || (&& (== net8.0) (< netstandard2.1)) (&& (== net9.0) (< net8.0)) (&& (== net9.0) (< netstandard2.1)) (== netstandard2.0) (== netstandard2.1)
    Microsoft.Extensions.Options.ConfigurationExtensions (9.0.1)
      Microsoft.Extensions.Configuration.Abstractions (>= 9.0.1)
      Microsoft.Extensions.Configuration.Binder (>= 9.0.1)
      Microsoft.Extensions.DependencyInjection.Abstractions (>= 9.0.1)
      Microsoft.Extensions.Options (>= 9.0.1)
      Microsoft.Extensions.Primitives (>= 9.0.1)
    Microsoft.Extensions.Primitives (9.0.1)
      System.Memory (>= 4.5.5) - restriction: || (&& (== net8.0) (>= net462)) (&& (== net9.0) (>= net462)) (&& (== net9.0) (< net8.0)) (== netstandard2.0) (== netstandard2.1)
      System.Runtime.CompilerServices.Unsafe (>= 6.0) - restriction: || (&& (== net8.0) (>= net462)) (&& (== net9.0) (>= net462)) (&& (== net9.0) (< net8.0)) (== netstandard2.0) (== netstandard2.1)
    Microsoft.NET.StringTools (17.12.6) - copy_local: false
    Microsoft.NET.Test.Sdk (17.12)
      Microsoft.CodeCoverage (>= 17.12) - restriction: || (== net8.0) (== net9.0) (&& (== netstandard2.0) (>= net462)) (&& (== netstandard2.0) (>= netcoreapp3.1)) (&& (== netstandard2.1) (>= net462)) (&& (== netstandard2.1) (>= netcoreapp3.1))
      Microsoft.TestPlatform.TestHost (>= 17.12) - restriction: || (== net8.0) (== net9.0) (&& (== netstandard2.0) (>= netcoreapp3.1)) (&& (== netstandard2.1) (>= netcoreapp3.1))
    Microsoft.NETCore.Platforms (7.0.4)
    Microsoft.NETCore.Targets (5.0)
    Microsoft.TestPlatform.ObjectModel (17.12)
      System.Reflection.Metadata (>= 1.6)
    Microsoft.TestPlatform.TestHost (17.12) - restriction: || (== net8.0) (== net9.0) (&& (== netstandard2.0) (>= netcoreapp3.1)) (&& (== netstandard2.1) (>= netcoreapp3.1))
      Microsoft.TestPlatform.ObjectModel (>= 17.12) - restriction: || (== net8.0) (== net9.0) (&& (== netstandard2.0) (>= netcoreapp3.1)) (&& (== netstandard2.1) (>= netcoreapp3.1))
      Newtonsoft.Json (>= 13.0.1) - restriction: || (== net8.0) (== net9.0) (&& (== netstandard2.0) (>= netcoreapp3.1)) (&& (== netstandard2.1) (>= netcoreapp3.1))
    Microsoft.VisualStudio.Threading (17.12.19)
      Microsoft.Bcl.AsyncInterfaces (>= 6.0) - restriction: || (&& (== net8.0) (>= net472)) (&& (== net8.0) (< net6.0)) (&& (== net9.0) (>= net472)) (&& (== net9.0) (< net6.0)) (== netstandard2.0) (== netstandard2.1)
      Microsoft.VisualStudio.Threading.Analyzers (>= 17.12.19)
      Microsoft.VisualStudio.Validation (>= 17.8.8)
      Microsoft.Win32.Registry (>= 5.0) - restriction: || (&& (== net8.0) (>= net472)) (&& (== net8.0) (< net6.0)) (&& (== net9.0) (>= net472)) (&& (== net9.0) (< net6.0)) (== netstandard2.0) (== netstandard2.1)
      System.Memory (>= 4.5.5) - restriction: || (&& (== net8.0) (>= net472)) (&& (== net8.0) (< net6.0)) (&& (== net9.0) (>= net472)) (&& (== net9.0) (< net6.0)) (== netstandard2.0) (== netstandard2.1)
      System.Runtime.CompilerServices.Unsafe (>= 6.0) - restriction: || (&& (== net8.0) (>= net472)) (&& (== net8.0) (< net6.0)) (&& (== net9.0) (>= net472)) (&& (== net9.0) (< net6.0)) (== netstandard2.0) (== netstandard2.1)
      System.Threading.Tasks.Extensions (>= 4.5.4) - restriction: || (&& (== net8.0) (>= net472)) (&& (== net8.0) (< net6.0)) (&& (== net9.0) (>= net472)) (&& (== net9.0) (< net6.0)) (== netstandard2.0) (== netstandard2.1)
    Microsoft.VisualStudio.Threading.Analyzers (17.12.19)
    Microsoft.VisualStudio.Validation (17.8.8)
    Microsoft.Win32.Registry (5.0)
      System.Buffers (>= 4.5.1) - restriction: || (&& (== net8.0) (>= monoandroid) (< netstandard1.3)) (&& (== net8.0) (>= monotouch)) (&& (== net8.0) (< netcoreapp2.0)) (&& (== net8.0) (>= xamarinios)) (&& (== net8.0) (>= xamarinmac)) (&& (== net8.0) (>= xamarintvos)) (&& (== net8.0) (>= xamarinwatchos)) (&& (== net9.0) (>= monoandroid) (< netstandard1.3)) (&& (== net9.0) (>= monotouch)) (&& (== net9.0) (< netcoreapp2.0)) (&& (== net9.0) (>= xamarinios)) (&& (== net9.0) (>= xamarinmac)) (&& (== net9.0) (>= xamarintvos)) (&& (== net9.0) (>= xamarinwatchos)) (== netstandard2.0) (== netstandard2.1)
      System.Memory (>= 4.5.4) - restriction: || (&& (== net8.0) (< netcoreapp2.0)) (&& (== net8.0) (< netcoreapp2.1)) (&& (== net8.0) (>= uap10.1)) (&& (== net9.0) (< netcoreapp2.0)) (&& (== net9.0) (< netcoreapp2.1)) (&& (== net9.0) (>= uap10.1)) (== netstandard2.0) (== netstandard2.1)
      System.Security.AccessControl (>= 5.0)
      System.Security.Principal.Windows (>= 5.0)
    Mono.Cecil (0.11.6)
    Nerdbank.Streams (2.11.79)
      Microsoft.Bcl.AsyncInterfaces (>= 6.0) - restriction: || (&& (== net8.0) (< net6.0)) (&& (== net8.0) (< netstandard2.1)) (&& (== net9.0) (< net6.0)) (&& (== net9.0) (< netstandard2.1)) (== netstandard2.0) (== netstandard2.1)
      Microsoft.VisualStudio.Threading (>= 17.10.48)
      Microsoft.VisualStudio.Validation (>= 17.8.8)
      System.IO.Pipelines (>= 8.0)
      System.Runtime.CompilerServices.Unsafe (>= 6.0) - restriction: || (&& (== net8.0) (< net6.0)) (&& (== net8.0) (< netstandard2.1)) (&& (== net9.0) (< net6.0)) (&& (== net9.0) (< netstandard2.1)) (== netstandard2.0) (== netstandard2.1)
    Newtonsoft.Json (13.0.3)
    Nuget.Frameworks (6.12.1) - copy_local: false
    OpenTelemetry (1.10)
      Microsoft.Extensions.Diagnostics.Abstractions (>= 9.0)
      Microsoft.Extensions.Logging.Configuration (>= 9.0)
      OpenTelemetry.Api.ProviderBuilderExtensions (>= 1.10)
    OpenTelemetry.Api (1.10)
      System.Diagnostics.DiagnosticSource (>= 9.0)
    OpenTelemetry.Api.ProviderBuilderExtensions (1.10)
      Microsoft.Extensions.DependencyInjection.Abstractions (>= 9.0)
      OpenTelemetry.Api (>= 1.10)
    OpenTelemetry.Exporter.OpenTelemetryProtocol (1.10)
      Google.Protobuf (>= 3.22.5 < 4.0)
      Grpc (>= 2.44 < 3.0) - restriction: || (&& (== net8.0) (>= net462)) (&& (== net8.0) (< netstandard2.1)) (&& (== net9.0) (>= net462)) (&& (== net9.0) (< netstandard2.1)) (== netstandard2.0) (&& (== netstandard2.1) (>= net462))
      Grpc.Net.Client (>= 2.52 < 3.0) - restriction: || (== net8.0) (== net9.0) (&& (== netstandard2.0) (>= netstandard2.1)) (== netstandard2.1)
      OpenTelemetry (>= 1.10)
    OpenTelemetry.Instrumentation.Runtime (1.9)
      OpenTelemetry.Api (>= 1.9 < 2.0)
    Perfolizer (0.3.17)
      System.Memory (>= 4.5.5) - restriction: || (&& (== net8.0) (< netstandard2.1)) (&& (== net9.0) (< netstandard2.1)) (== netstandard2.0)
    runtime.debian.8-x64.runtime.native.System.Security.Cryptography.OpenSsl (4.3.3)
    runtime.debian.9-x64.runtime.native.System.Security.Cryptography.OpenSsl (4.3.3)
    runtime.fedora.23-x64.runtime.native.System.Security.Cryptography.OpenSsl (4.3.3)
    runtime.fedora.24-x64.runtime.native.System.Security.Cryptography.OpenSsl (4.3.3)
    runtime.fedora.27-x64.runtime.native.System.Security.Cryptography.OpenSsl (4.3.3)
    runtime.fedora.28-x64.runtime.native.System.Security.Cryptography.OpenSsl (4.3.3)
    runtime.native.System (4.3.1)
      Microsoft.NETCore.Platforms (>= 1.1.1)
      Microsoft.NETCore.Targets (>= 1.1.3)
    runtime.native.System.Net.Http (4.3.1)
      Microsoft.NETCore.Platforms (>= 1.1.1)
      Microsoft.NETCore.Targets (>= 1.1.3)
    runtime.native.System.Security.Cryptography.Apple (4.3.1)
      runtime.osx.10.10-x64.runtime.native.System.Security.Cryptography.Apple (>= 4.3.1)
    runtime.native.System.Security.Cryptography.OpenSsl (4.3.3)
      runtime.debian.8-x64.runtime.native.System.Security.Cryptography.OpenSsl (>= 4.3.3)
      runtime.debian.9-x64.runtime.native.System.Security.Cryptography.OpenSsl (>= 4.3.3)
      runtime.fedora.23-x64.runtime.native.System.Security.Cryptography.OpenSsl (>= 4.3.3)
      runtime.fedora.24-x64.runtime.native.System.Security.Cryptography.OpenSsl (>= 4.3.3)
      runtime.fedora.27-x64.runtime.native.System.Security.Cryptography.OpenSsl (>= 4.3.3)
      runtime.fedora.28-x64.runtime.native.System.Security.Cryptography.OpenSsl (>= 4.3.3)
      runtime.opensuse.13.2-x64.runtime.native.System.Security.Cryptography.OpenSsl (>= 4.3.3)
      runtime.opensuse.42.1-x64.runtime.native.System.Security.Cryptography.OpenSsl (>= 4.3.3)
      runtime.opensuse.42.3-x64.runtime.native.System.Security.Cryptography.OpenSsl (>= 4.3.3)
      runtime.osx.10.10-x64.runtime.native.System.Security.Cryptography.OpenSsl (>= 4.3.3)
      runtime.rhel.7-x64.runtime.native.System.Security.Cryptography.OpenSsl (>= 4.3.3)
      runtime.ubuntu.14.04-x64.runtime.native.System.Security.Cryptography.OpenSsl (>= 4.3.3)
      runtime.ubuntu.16.04-x64.runtime.native.System.Security.Cryptography.OpenSsl (>= 4.3.3)
      runtime.ubuntu.16.10-x64.runtime.native.System.Security.Cryptography.OpenSsl (>= 4.3.3)
      runtime.ubuntu.18.04-x64.runtime.native.System.Security.Cryptography.OpenSsl (>= 4.3.3)
    runtime.opensuse.13.2-x64.runtime.native.System.Security.Cryptography.OpenSsl (4.3.3)
    runtime.opensuse.42.1-x64.runtime.native.System.Security.Cryptography.OpenSsl (4.3.3)
    runtime.opensuse.42.3-x64.runtime.native.System.Security.Cryptography.OpenSsl (4.3.3)
    runtime.osx.10.10-x64.runtime.native.System.Security.Cryptography.Apple (4.3.1)
    runtime.osx.10.10-x64.runtime.native.System.Security.Cryptography.OpenSsl (4.3.3)
    runtime.rhel.7-x64.runtime.native.System.Security.Cryptography.OpenSsl (4.3.3)
    runtime.ubuntu.14.04-x64.runtime.native.System.Security.Cryptography.OpenSsl (4.3.3)
    runtime.ubuntu.16.04-x64.runtime.native.System.Security.Cryptography.OpenSsl (4.3.3)
    runtime.ubuntu.16.10-x64.runtime.native.System.Security.Cryptography.OpenSsl (4.3.3)
    runtime.ubuntu.18.04-x64.runtime.native.System.Security.Cryptography.OpenSsl (4.3.3)
    SemanticVersioning (2.0.2)
    Serilog (4.1)
      System.Diagnostics.DiagnosticSource (>= 8.0.1) - restriction: || (&& (== net8.0) (>= net462) (< netstandard2.0)) (&& (== net8.0) (>= net471)) (&& (== net8.0) (< net6.0)) (&& (== net9.0) (>= net462) (< netstandard2.0)) (&& (== net9.0) (>= net471)) (&& (== net9.0) (< net6.0)) (== netstandard2.0) (== netstandard2.1)
      System.Threading.Channels (>= 8.0) - restriction: || (&& (== net8.0) (>= net462) (< netstandard2.0)) (&& (== net8.0) (>= net471)) (&& (== net8.0) (< net6.0)) (&& (== net9.0) (>= net462) (< netstandard2.0)) (&& (== net9.0) (>= net471)) (&& (== net9.0) (< net6.0)) (== netstandard2.0) (== netstandard2.1)
    Serilog.Sinks.Async (2.1)
      Serilog (>= 4.1)
    Serilog.Sinks.Console (6.0)
      Serilog (>= 4.0)
    Serilog.Sinks.File (6.0)
      Serilog (>= 4.0)
    StreamJsonRpc (2.20.20)
      MessagePack (>= 2.5.187)
      Microsoft.Bcl.AsyncInterfaces (>= 8.0) - restriction: || (&& (== net8.0) (< net6.0)) (&& (== net8.0) (< netstandard2.1)) (&& (== net9.0) (< net6.0)) (&& (== net9.0) (< netstandard2.1)) (== netstandard2.0) (== netstandard2.1)
      Microsoft.VisualStudio.Threading (>= 17.10.48)
      Microsoft.VisualStudio.Threading.Analyzers (>= 17.10.48)
      Microsoft.VisualStudio.Validation (>= 17.8.8)
      Nerdbank.Streams (>= 2.11.74)
      Newtonsoft.Json (>= 13.0.1)
      System.Collections.Immutable (>= 6.0) - restriction: || (&& (== net8.0) (< net6.0)) (&& (== net8.0) (< netstandard2.1)) (&& (== net9.0) (< net6.0)) (&& (== net9.0) (< netstandard2.1)) (== netstandard2.0) (== netstandard2.1)
      System.Diagnostics.DiagnosticSource (>= 6.0.1) - restriction: || (&& (== net8.0) (< net6.0)) (&& (== net8.0) (< netstandard2.1)) (&& (== net9.0) (< net6.0)) (&& (== net9.0) (< netstandard2.1)) (== netstandard2.0) (== netstandard2.1)
      System.IO.Pipelines (>= 8.0)
      System.Text.Json (>= 8.0.5) - restriction: || (&& (== net8.0) (< net6.0)) (&& (== net8.0) (< netstandard2.1)) (&& (== net9.0) (< net6.0)) (&& (== net9.0) (< net8.0)) (&& (== net9.0) (< netstandard2.1)) (== netstandard2.0) (== netstandard2.1)
      System.Threading.Tasks.Dataflow (>= 6.0) - restriction: || (&& (== net8.0) (< net6.0)) (&& (== net8.0) (< netstandard2.1)) (&& (== net9.0) (< net6.0)) (&& (== net9.0) (< netstandard2.1)) (== netstandard2.0) (== netstandard2.1)
    System.Buffers (4.6)
    System.CodeDom (8.0) - copy_local: false
    System.Collections (4.3)
      Microsoft.NETCore.Platforms (>= 1.1)
      Microsoft.NETCore.Targets (>= 1.1)
      System.Runtime (>= 4.3)
    System.Collections.Concurrent (4.3)
      System.Collections (>= 4.3)
      System.Diagnostics.Debug (>= 4.3)
      System.Diagnostics.Tracing (>= 4.3)
      System.Globalization (>= 4.3)
      System.Reflection (>= 4.3)
      System.Resources.ResourceManager (>= 4.3)
      System.Runtime (>= 4.3)
      System.Runtime.Extensions (>= 4.3)
      System.Threading (>= 4.3)
      System.Threading.Tasks (>= 4.3)
    System.Collections.Immutable (9.0.1)
      System.Memory (>= 4.5.5) - restriction: || (&& (== net8.0) (>= net462)) (&& (== net9.0) (>= net462)) (&& (== net9.0) (< net8.0)) (== netstandard2.0) (== netstandard2.1)
      System.Runtime.CompilerServices.Unsafe (>= 6.0) - restriction: || (&& (== net8.0) (>= net462)) (&& (== net9.0) (>= net462)) (&& (== net9.0) (< net8.0)) (== netstandard2.0) (== netstandard2.1)
    System.CommandLine (2.0.0-beta4.22272.1)
      System.Memory (>= 4.5.4) - restriction: || (&& (== net8.0) (< net6.0)) (&& (== net9.0) (< net6.0)) (== netstandard2.0) (== netstandard2.1)
    System.ComponentModel.Annotations (5.0) - restriction: || (&& (== net8.0) (< netstandard2.1)) (&& (== net9.0) (< net8.0)) (&& (== net9.0) (< netstandard2.1)) (== netstandard2.0) (== netstandard2.1)
    System.Composition (9.0.1)
      System.Composition.AttributedModel (>= 9.0.1)
      System.Composition.Convention (>= 9.0.1)
      System.Composition.Hosting (>= 9.0.1)
      System.Composition.Runtime (>= 9.0.1)
      System.Composition.TypedParts (>= 9.0.1)
    System.Composition.AttributedModel (9.0.1)
    System.Composition.Convention (9.0.1)
      System.Composition.AttributedModel (>= 9.0.1)
    System.Composition.Hosting (9.0.1)
      System.Composition.Runtime (>= 9.0.1)
    System.Composition.Runtime (9.0.1)
    System.Composition.TypedParts (9.0.1)
      System.Composition.AttributedModel (>= 9.0.1)
      System.Composition.Hosting (>= 9.0.1)
      System.Composition.Runtime (>= 9.0.1)
    System.Configuration.ConfigurationManager (9.0.1) - copy_local: false
      System.Diagnostics.EventLog (>= 9.0.1) - restriction: || (== net8.0) (== net9.0) (&& (== netstandard2.0) (>= net8.0)) (&& (== netstandard2.1) (>= net8.0))
      System.Security.Cryptography.ProtectedData (>= 9.0.1)
    System.Diagnostics.Debug (4.3)
      Microsoft.NETCore.Platforms (>= 1.1)
      Microsoft.NETCore.Targets (>= 1.1)
      System.Runtime (>= 4.3)
    System.Diagnostics.DiagnosticSource (9.0.1)
      System.Memory (>= 4.5.5) - restriction: || (&& (== net8.0) (>= net462)) (&& (== net9.0) (>= net462)) (&& (== net9.0) (< net8.0)) (== netstandard2.0) (== netstandard2.1)
      System.Runtime.CompilerServices.Unsafe (>= 6.0) - restriction: || (&& (== net8.0) (>= net462)) (&& (== net9.0) (>= net462)) (&& (== net9.0) (< net8.0)) (== netstandard2.0) (== netstandard2.1)
    System.Diagnostics.EventLog (9.0.1) - copy_local: false, restriction: || (&& (== net8.0) (>= net472)) (&& (== net8.0) (>= net9.0)) (== net9.0) (&& (== netstandard2.0) (>= net472) (>= net8.0)) (&& (== netstandard2.0) (>= net9.0)) (&& (== netstandard2.1) (>= net472) (>= net8.0)) (&& (== netstandard2.1) (>= net9.0))
    System.Diagnostics.Tracing (4.3)
      Microsoft.NETCore.Platforms (>= 1.1)
      Microsoft.NETCore.Targets (>= 1.1)
      System.Runtime (>= 4.3)
    System.Formats.Asn1 (9.0.1)
      System.Buffers (>= 4.5.1) - restriction: || (&& (== net8.0) (>= net462)) (&& (== net9.0) (>= net462)) (&& (== net9.0) (< net8.0)) (== netstandard2.0) (== netstandard2.1)
      System.Memory (>= 4.5.5) - restriction: || (&& (== net8.0) (>= net462)) (&& (== net9.0) (>= net462)) (&& (== net9.0) (< net8.0)) (== netstandard2.0) (== netstandard2.1)
    System.Formats.Nrbf (9.0.1) - copy_local: false
      Microsoft.Bcl.HashCode (>= 1.1.1) - restriction: || (&& (== net8.0) (>= net462)) (&& (== net9.0) (>= net462)) (&& (== net9.0) (< net8.0)) (== netstandard2.0) (== netstandard2.1)
      System.Reflection.Metadata (>= 9.0.1) - restriction: || (== net8.0) (&& (== net9.0) (>= net462)) (&& (== net9.0) (< net8.0)) (== netstandard2.0) (== netstandard2.1)
    System.Globalization (4.3)
      Microsoft.NETCore.Platforms (>= 1.1)
      Microsoft.NETCore.Targets (>= 1.1)
      System.Runtime (>= 4.3)
    System.Globalization.Calendars (4.3)
      Microsoft.NETCore.Platforms (>= 1.1)
      Microsoft.NETCore.Targets (>= 1.1)
      System.Globalization (>= 4.3)
      System.Runtime (>= 4.3)
    System.Globalization.Extensions (4.3)
      Microsoft.NETCore.Platforms (>= 1.1)
      System.Globalization (>= 4.3)
      System.Resources.ResourceManager (>= 4.3)
      System.Runtime (>= 4.3)
      System.Runtime.Extensions (>= 4.3)
      System.Runtime.InteropServices (>= 4.3)
    System.IO (4.3)
      Microsoft.NETCore.Platforms (>= 1.1)
      Microsoft.NETCore.Targets (>= 1.1)
      System.Runtime (>= 4.3)
      System.Text.Encoding (>= 4.3)
      System.Threading.Tasks (>= 4.3)
    System.IO.FileSystem (4.3)
      Microsoft.NETCore.Platforms (>= 1.1)
      Microsoft.NETCore.Targets (>= 1.1)
      System.IO (>= 4.3)
      System.IO.FileSystem.Primitives (>= 4.3)
      System.Runtime (>= 4.3)
      System.Runtime.Handles (>= 4.3)
      System.Text.Encoding (>= 4.3)
      System.Threading.Tasks (>= 4.3)
    System.IO.FileSystem.Primitives (4.3)
      System.Runtime (>= 4.3)
    System.IO.Pipelines (9.0.1)
      System.Buffers (>= 4.5.1) - restriction: || (&& (== net8.0) (>= net462)) (&& (== net9.0) (>= net462)) (&& (== net9.0) (< net8.0)) (== netstandard2.0) (== netstandard2.1)
      System.Memory (>= 4.5.5) - restriction: || (&& (== net8.0) (>= net462)) (&& (== net9.0) (>= net462)) (&& (== net9.0) (< net8.0)) (== netstandard2.0) (== netstandard2.1)
      System.Threading.Tasks.Extensions (>= 4.5.4) - restriction: || (&& (== net8.0) (>= net462)) (&& (== net9.0) (>= net462)) (&& (== net9.0) (< net8.0)) (== netstandard2.0) (== netstandard2.1)
    System.Linq (4.3)
      System.Collections (>= 4.3)
      System.Diagnostics.Debug (>= 4.3)
      System.Resources.ResourceManager (>= 4.3)
      System.Runtime (>= 4.3)
      System.Runtime.Extensions (>= 4.3)
    System.Management (8.0)
      System.CodeDom (>= 8.0)
    System.Memory (4.6)
      System.Buffers (>= 4.6) - restriction: || (&& (== net8.0) (>= net462)) (&& (== net8.0) (< netcoreapp2.1)) (&& (== net9.0) (>= net462)) (&& (== net9.0) (< netcoreapp2.1)) (== netstandard2.0) (== netstandard2.1)
      System.Numerics.Vectors (>= 4.6) - restriction: || (&& (== net8.0) (>= net462)) (&& (== net8.0) (< netcoreapp2.1)) (&& (== net9.0) (>= net462)) (&& (== net9.0) (< netcoreapp2.1)) (== netstandard2.0) (== netstandard2.1)
      System.Runtime.CompilerServices.Unsafe (>= 6.1) - restriction: || (&& (== net8.0) (>= net462)) (&& (== net8.0) (< netcoreapp2.1)) (&& (== net9.0) (>= net462)) (&& (== net9.0) (< netcoreapp2.1)) (== netstandard2.0) (== netstandard2.1)
    System.Net.Http (4.3.4)
      Microsoft.NETCore.Platforms (>= 1.1.1)
      runtime.native.System (>= 4.3)
      runtime.native.System.Net.Http (>= 4.3)
      runtime.native.System.Security.Cryptography.OpenSsl (>= 4.3.2)
      System.Collections (>= 4.3)
      System.Diagnostics.Debug (>= 4.3)
      System.Diagnostics.DiagnosticSource (>= 4.3)
      System.Diagnostics.Tracing (>= 4.3)
      System.Globalization (>= 4.3)
      System.Globalization.Extensions (>= 4.3)
      System.IO (>= 4.3)
      System.IO.FileSystem (>= 4.3)
      System.Net.Primitives (>= 4.3)
      System.Resources.ResourceManager (>= 4.3)
      System.Runtime (>= 4.3)
      System.Runtime.Extensions (>= 4.3)
      System.Runtime.Handles (>= 4.3)
      System.Runtime.InteropServices (>= 4.3)
      System.Security.Cryptography.Algorithms (>= 4.3)
      System.Security.Cryptography.Encoding (>= 4.3)
      System.Security.Cryptography.OpenSsl (>= 4.3)
      System.Security.Cryptography.Primitives (>= 4.3)
      System.Security.Cryptography.X509Certificates (>= 4.3)
      System.Text.Encoding (>= 4.3)
      System.Threading (>= 4.3)
      System.Threading.Tasks (>= 4.3)
    System.Net.Primitives (4.3.1)
      Microsoft.NETCore.Platforms (>= 1.1.1)
      Microsoft.NETCore.Targets (>= 1.1.3)
      System.Runtime (>= 4.3.1)
      System.Runtime.Handles (>= 4.3)
    System.Numerics.Vectors (4.6)
    System.Reactive (5.0) - restriction: || (== net8.0) (== net9.0) (&& (== netstandard2.0) (>= net8.0)) (&& (== netstandard2.1) (>= net8.0))
    System.Reflection (4.3)
      Microsoft.NETCore.Platforms (>= 1.1)
      Microsoft.NETCore.Targets (>= 1.1)
      System.IO (>= 4.3)
      System.Reflection.Primitives (>= 4.3)
      System.Runtime (>= 4.3)
    System.Reflection.Emit (4.7)
      System.Reflection.Emit.ILGeneration (>= 4.7) - restriction: || (&& (== net8.0) (< netcoreapp2.0) (< netstandard2.1)) (&& (== net8.0) (< netstandard1.1)) (&& (== net8.0) (< netstandard2.0)) (&& (== net8.0) (>= uap10.1)) (&& (== net9.0) (< netcoreapp2.0) (< netstandard2.1)) (&& (== net9.0) (< netstandard1.1)) (&& (== net9.0) (< netstandard2.0)) (&& (== net9.0) (>= uap10.1)) (== netstandard2.0) (&& (== netstandard2.1) (< netstandard1.1)) (&& (== netstandard2.1) (< netstandard2.0)) (&& (== netstandard2.1) (>= uap10.1))
    System.Reflection.Emit.ILGeneration (4.7) - restriction: || (&& (== net8.0) (< netcoreapp2.0) (< netstandard2.1)) (&& (== net8.0) (< netstandard1.1)) (&& (== net8.0) (< netstandard2.0)) (&& (== net8.0) (>= uap10.1)) (&& (== net9.0) (< netcoreapp2.0) (< netstandard2.1)) (&& (== net9.0) (< netstandard1.1)) (&& (== net9.0) (< netstandard2.0)) (&& (== net9.0) (>= uap10.1)) (== netstandard2.0) (&& (== netstandard2.1) (< netstandard1.1)) (&& (== netstandard2.1) (< netstandard2.0)) (&& (== netstandard2.1) (>= uap10.1))
    System.Reflection.Emit.Lightweight (4.7)
      System.Reflection.Emit.ILGeneration (>= 4.7) - restriction: || (&& (== net8.0) (< netcoreapp2.0) (< netstandard2.1)) (&& (== net8.0) (< netstandard2.0)) (&& (== net8.0) (< portable-net45+wp8)) (&& (== net8.0) (>= uap10.1)) (&& (== net9.0) (< netcoreapp2.0) (< netstandard2.1)) (&& (== net9.0) (< netstandard2.0)) (&& (== net9.0) (< portable-net45+wp8)) (&& (== net9.0) (>= uap10.1)) (== netstandard2.0) (&& (== netstandard2.1) (< netstandard2.0)) (&& (== netstandard2.1) (< portable-net45+wp8)) (&& (== netstandard2.1) (>= uap10.1))
    System.Reflection.Metadata (9.0.1)
      System.Collections.Immutable (>= 9.0.1) - restriction: || (== net8.0) (&& (== net9.0) (>= net462)) (&& (== net9.0) (< net8.0)) (== netstandard2.0) (== netstandard2.1)
      System.Memory (>= 4.5.5) - restriction: || (&& (== net8.0) (>= net462)) (&& (== net9.0) (>= net462)) (&& (== net9.0) (< net8.0)) (== netstandard2.0) (== netstandard2.1)
    System.Reflection.MetadataLoadContext (9.0.1) - copy_local: false, restriction: || (&& (== net8.0) (>= net472)) (&& (== net8.0) (>= net9.0)) (== net9.0) (&& (== netstandard2.0) (>= net472)) (&& (== netstandard2.0) (>= net9.0)) (&& (== netstandard2.1) (>= net472)) (&& (== netstandard2.1) (>= net9.0))
    System.Reflection.Primitives (4.3)
      Microsoft.NETCore.Platforms (>= 1.1)
      Microsoft.NETCore.Targets (>= 1.1)
      System.Runtime (>= 4.3)
    System.Reflection.TypeExtensions (4.7)
    System.Resources.Extensions (9.0.1) - copy_local: false
      System.Formats.Nrbf (>= 9.0.1)
      System.Memory (>= 4.5.5) - restriction: || (&& (== net8.0) (>= net462)) (&& (== net9.0) (>= net462)) (&& (== net9.0) (< net8.0)) (== netstandard2.0) (== netstandard2.1)
    System.Resources.ResourceManager (4.3)
      Microsoft.NETCore.Platforms (>= 1.1)
      Microsoft.NETCore.Targets (>= 1.1)
      System.Globalization (>= 4.3)
      System.Reflection (>= 4.3)
      System.Runtime (>= 4.3)
    System.Runtime (4.3.1)
      Microsoft.NETCore.Platforms (>= 1.1.1)
      Microsoft.NETCore.Targets (>= 1.1.3)
    System.Runtime.CompilerServices.Unsafe (6.1)
    System.Runtime.Extensions (4.3.1)
      Microsoft.NETCore.Platforms (>= 1.1.1)
      Microsoft.NETCore.Targets (>= 1.1.3)
      System.Runtime (>= 4.3.1)
    System.Runtime.Handles (4.3)
      Microsoft.NETCore.Platforms (>= 1.1)
      Microsoft.NETCore.Targets (>= 1.1)
      System.Runtime (>= 4.3)
    System.Runtime.InteropServices (4.3)
      Microsoft.NETCore.Platforms (>= 1.1)
      Microsoft.NETCore.Targets (>= 1.1)
      System.Reflection (>= 4.3)
      System.Reflection.Primitives (>= 4.3)
      System.Runtime (>= 4.3)
      System.Runtime.Handles (>= 4.3)
    System.Runtime.Numerics (4.3)
      System.Globalization (>= 4.3)
      System.Resources.ResourceManager (>= 4.3)
      System.Runtime (>= 4.3)
      System.Runtime.Extensions (>= 4.3)
    System.Security.AccessControl (6.0.1) - copy_local: false, restriction: || (&& (== net9.0) (< net8.0)) (== netstandard2.0) (== netstandard2.1)
      System.Security.Principal.Windows (>= 5.0) - restriction: || (&& (== net8.0) (>= net461)) (&& (== net8.0) (< net6.0)) (&& (== net9.0) (>= net461)) (&& (== net9.0) (< net6.0)) (== netstandard2.0) (== netstandard2.1)
    System.Security.Cryptography.Algorithms (4.3.1)
      Microsoft.NETCore.Platforms (>= 1.1)
      runtime.native.System.Security.Cryptography.Apple (>= 4.3.1)
      runtime.native.System.Security.Cryptography.OpenSsl (>= 4.3.2)
      System.Collections (>= 4.3)
      System.IO (>= 4.3)
      System.Resources.ResourceManager (>= 4.3)
      System.Runtime (>= 4.3)
      System.Runtime.Extensions (>= 4.3)
      System.Runtime.Handles (>= 4.3)
      System.Runtime.InteropServices (>= 4.3)
      System.Runtime.Numerics (>= 4.3)
      System.Security.Cryptography.Encoding (>= 4.3)
      System.Security.Cryptography.Primitives (>= 4.3)
      System.Text.Encoding (>= 4.3)
    System.Security.Cryptography.Cng (5.0)
    System.Security.Cryptography.Csp (4.3)
      Microsoft.NETCore.Platforms (>= 1.1)
      System.IO (>= 4.3)
      System.Reflection (>= 4.3)
      System.Resources.ResourceManager (>= 4.3)
      System.Runtime (>= 4.3)
      System.Runtime.Extensions (>= 4.3)
      System.Runtime.Handles (>= 4.3)
      System.Runtime.InteropServices (>= 4.3)
      System.Security.Cryptography.Algorithms (>= 4.3)
      System.Security.Cryptography.Encoding (>= 4.3)
      System.Security.Cryptography.Primitives (>= 4.3)
      System.Text.Encoding (>= 4.3)
      System.Threading (>= 4.3)
    System.Security.Cryptography.Encoding (4.3)
      Microsoft.NETCore.Platforms (>= 1.1)
      runtime.native.System.Security.Cryptography.OpenSsl (>= 4.3)
      System.Collections (>= 4.3)
      System.Collections.Concurrent (>= 4.3)
      System.Linq (>= 4.3)
      System.Resources.ResourceManager (>= 4.3)
      System.Runtime (>= 4.3)
      System.Runtime.Extensions (>= 4.3)
      System.Runtime.Handles (>= 4.3)
      System.Runtime.InteropServices (>= 4.3)
      System.Security.Cryptography.Primitives (>= 4.3)
      System.Text.Encoding (>= 4.3)
    System.Security.Cryptography.OpenSsl (5.0)
      System.Formats.Asn1 (>= 5.0) - restriction: || (== net8.0) (== net9.0) (&& (== netstandard2.0) (>= netcoreapp3.0)) (&& (== netstandard2.1) (>= netcoreapp3.0))
    System.Security.Cryptography.Pkcs (9.0.1)
      Microsoft.Bcl.Cryptography (>= 9.0.1) - restriction: || (== net8.0) (&& (== net9.0) (>= net462)) (&& (== net9.0) (< net8.0)) (&& (== net9.0) (< netstandard2.1)) (== netstandard2.0) (== netstandard2.1)
      System.Buffers (>= 4.5.1) - restriction: || (&& (== net8.0) (< netstandard2.1)) (&& (== net9.0) (< netstandard2.1)) (== netstandard2.0)
      System.Formats.Asn1 (>= 9.0.1) - restriction: || (== net8.0) (&& (== net9.0) (< net8.0)) (&& (== net9.0) (< netstandard2.1)) (== netstandard2.0) (== netstandard2.1)
      System.Memory (>= 4.5.5) - restriction: || (&& (== net8.0) (< netstandard2.1)) (&& (== net9.0) (< netstandard2.1)) (== netstandard2.0)
      System.Runtime.CompilerServices.Unsafe (>= 6.0) - restriction: || (&& (== net8.0) (< netstandard2.1)) (&& (== net9.0) (< net8.0)) (&& (== net9.0) (< netstandard2.1)) (== netstandard2.0) (== netstandard2.1)
      System.Security.Cryptography.Cng (>= 5.0) - restriction: || (&& (== net8.0) (< netstandard2.1)) (&& (== net9.0) (< net8.0)) (&& (== net9.0) (< netstandard2.1)) (== netstandard2.0) (== netstandard2.1)
    System.Security.Cryptography.Primitives (4.3)
      System.Diagnostics.Debug (>= 4.3)
      System.Globalization (>= 4.3)
      System.IO (>= 4.3)
      System.Resources.ResourceManager (>= 4.3)
      System.Runtime (>= 4.3)
      System.Threading (>= 4.3)
      System.Threading.Tasks (>= 4.3)
    System.Security.Cryptography.ProtectedData (9.0.1) - copy_local: false, restriction: || (&& (== net8.0) (>= net472)) (&& (== net8.0) (>= net9.0)) (== net9.0) (&& (== netstandard2.0) (>= net472)) (&& (== netstandard2.0) (>= net9.0)) (&& (== netstandard2.1) (>= net472)) (&& (== netstandard2.1) (>= net9.0))
    System.Security.Cryptography.X509Certificates (4.3.2)
      Microsoft.NETCore.Platforms (>= 1.1)
      runtime.native.System (>= 4.3)
      runtime.native.System.Net.Http (>= 4.3)
      runtime.native.System.Security.Cryptography.OpenSsl (>= 4.3.2)
      System.Collections (>= 4.3)
      System.Diagnostics.Debug (>= 4.3)
      System.Globalization (>= 4.3)
      System.Globalization.Calendars (>= 4.3)
      System.IO (>= 4.3)
      System.IO.FileSystem (>= 4.3)
      System.IO.FileSystem.Primitives (>= 4.3)
      System.Resources.ResourceManager (>= 4.3)
      System.Runtime (>= 4.3)
      System.Runtime.Extensions (>= 4.3)
      System.Runtime.Handles (>= 4.3)
      System.Runtime.InteropServices (>= 4.3)
      System.Runtime.Numerics (>= 4.3)
      System.Security.Cryptography.Algorithms (>= 4.3)
      System.Security.Cryptography.Cng (>= 4.3)
      System.Security.Cryptography.Csp (>= 4.3)
      System.Security.Cryptography.Encoding (>= 4.3)
      System.Security.Cryptography.OpenSsl (>= 4.3)
      System.Security.Cryptography.Primitives (>= 4.3)
      System.Text.Encoding (>= 4.3)
      System.Threading (>= 4.3)
    System.Security.Cryptography.Xml (9.0.1) - copy_local: false
      Microsoft.Bcl.Cryptography (>= 9.0.1) - restriction: || (== net8.0) (&& (== net9.0) (>= net462)) (&& (== net9.0) (< net8.0)) (== netstandard2.0) (== netstandard2.1)
      System.Memory (>= 4.5.5) - restriction: || (&& (== net9.0) (< net8.0)) (== netstandard2.0) (== netstandard2.1)
      System.Security.AccessControl (>= 6.0) - restriction: || (&& (== net9.0) (< net8.0)) (== netstandard2.0) (== netstandard2.1)
      System.Security.Cryptography.Pkcs (>= 9.0.1)
    System.Security.Principal.Windows (5.0) - copy_local: false, restriction: || (== net8.0) (&& (== net9.0) (>= monoandroid) (< netstandard1.3)) (&& (== net9.0) (>= monotouch)) (&& (== net9.0) (>= net461)) (&& (== net9.0) (< net6.0)) (&& (== net9.0) (< netcoreapp2.0)) (&& (== net9.0) (>= uap10.1)) (== netstandard2.0) (== netstandard2.1)
    System.Text.Encoding (4.3)
      Microsoft.NETCore.Platforms (>= 1.1)
      Microsoft.NETCore.Targets (>= 1.1)
      System.Runtime (>= 4.3)
    System.Text.Encoding.CodePages (9.0.1) - copy_local: false
      System.Memory (>= 4.5.5) - restriction: || (&& (== net8.0) (>= net462)) (&& (== net9.0) (>= net462)) (&& (== net9.0) (< net8.0)) (== netstandard2.0) (== netstandard2.1)
      System.Runtime.CompilerServices.Unsafe (>= 6.0) - restriction: || (&& (== net8.0) (>= net462)) (&& (== net9.0) (>= net462)) (&& (== net9.0) (< net8.0)) (== netstandard2.0) (== netstandard2.1)
    System.Text.Encodings.Web (9.0.1) - restriction: || (== net8.0) (&& (== net9.0) (>= net462)) (&& (== net9.0) (< net6.0)) (&& (== net9.0) (< net8.0)) (&& (== net9.0) (< netstandard2.1)) (== netstandard2.0) (== netstandard2.1)
    System.Text.Json (9.0.1) - restriction: || (== net8.0) (&& (== net9.0) (>= net462)) (&& (== net9.0) (< net6.0)) (&& (== net9.0) (< net8.0)) (&& (== net9.0) (< netstandard2.1)) (== netstandard2.0) (== netstandard2.1)
      Microsoft.Bcl.AsyncInterfaces (>= 9.0.1) - restriction: || (&& (== net8.0) (>= net462)) (&& (== net9.0) (>= net462)) (&& (== net9.0) (< net8.0)) (== netstandard2.0) (== netstandard2.1)
      System.Buffers (>= 4.5.1) - restriction: || (&& (== net8.0) (>= net462)) (&& (== net9.0) (>= net462)) (&& (== net9.0) (< net8.0)) (== netstandard2.0) (== netstandard2.1)
      System.IO.Pipelines (>= 9.0.1) - restriction: || (== net8.0) (&& (== net9.0) (>= net462)) (&& (== net9.0) (< net8.0)) (== netstandard2.0) (== netstandard2.1)
      System.Memory (>= 4.5.5) - restriction: || (&& (== net8.0) (>= net462)) (&& (== net9.0) (>= net462)) (&& (== net9.0) (< net8.0)) (== netstandard2.0) (== netstandard2.1)
      System.Runtime.CompilerServices.Unsafe (>= 6.0) - restriction: || (&& (== net8.0) (>= net462)) (&& (== net9.0) (>= net462)) (&& (== net9.0) (< net8.0)) (== netstandard2.0) (== netstandard2.1)
      System.Text.Encodings.Web (>= 9.0.1) - restriction: || (== net8.0) (&& (== net9.0) (>= net462)) (&& (== net9.0) (< net8.0)) (== netstandard2.0) (== netstandard2.1)
      System.Threading.Tasks.Extensions (>= 4.5.4) - restriction: || (&& (== net8.0) (>= net462)) (&& (== net9.0) (>= net462)) (&& (== net9.0) (< net8.0)) (== netstandard2.0) (== netstandard2.1)
    System.Text.RegularExpressions (4.3.1)
      System.Collections (>= 4.3) - restriction: || (&& (== net8.0) (< netcoreapp1.1)) (&& (== net9.0) (< netcoreapp1.1)) (== netstandard2.0) (== netstandard2.1)
      System.Globalization (>= 4.3) - restriction: || (&& (== net8.0) (< netcoreapp1.1)) (&& (== net9.0) (< netcoreapp1.1)) (== netstandard2.0) (== netstandard2.1)
      System.Resources.ResourceManager (>= 4.3) - restriction: || (&& (== net8.0) (< netcoreapp1.1)) (&& (== net9.0) (< netcoreapp1.1)) (== netstandard2.0) (== netstandard2.1)
      System.Runtime (>= 4.3.1)
      System.Runtime.Extensions (>= 4.3.1) - restriction: || (&& (== net8.0) (< netcoreapp1.1)) (&& (== net9.0) (< netcoreapp1.1)) (== netstandard2.0) (== netstandard2.1)
      System.Threading (>= 4.3) - restriction: || (&& (== net8.0) (< netcoreapp1.1)) (&& (== net9.0) (< netcoreapp1.1)) (== netstandard2.0) (== netstandard2.1)
    System.Threading (4.3)
      System.Runtime (>= 4.3)
      System.Threading.Tasks (>= 4.3)
    System.Threading.Channels (9.0.1)
      Microsoft.Bcl.AsyncInterfaces (>= 9.0.1) - restriction: || (&& (== net8.0) (>= net462)) (&& (== net8.0) (< netstandard2.1)) (&& (== net9.0) (>= net462)) (&& (== net9.0) (< netstandard2.1)) (== netstandard2.0) (&& (== netstandard2.1) (>= net462))
      System.Threading.Tasks.Extensions (>= 4.5.4) - restriction: || (&& (== net8.0) (>= net462)) (&& (== net8.0) (< netstandard2.1)) (&& (== net9.0) (>= net462)) (&& (== net9.0) (< netstandard2.1)) (== netstandard2.0) (&& (== netstandard2.1) (>= net462))
    System.Threading.Tasks (4.3)
      Microsoft.NETCore.Platforms (>= 1.1)
      Microsoft.NETCore.Targets (>= 1.1)
      System.Runtime (>= 4.3)
    System.Threading.Tasks.Dataflow (9.0.1) - copy_local: false, restriction: || (== net8.0) (&& (== net9.0) (>= net472)) (&& (== net9.0) (< net6.0)) (&& (== net9.0) (< netstandard2.1)) (== netstandard2.0) (== netstandard2.1)
    System.Threading.Tasks.Extensions (4.6)
      System.Runtime.CompilerServices.Unsafe (>= 6.1) - restriction: || (&& (== net8.0) (>= net462)) (&& (== net8.0) (< netcoreapp2.1)) (&& (== net9.0) (>= net462)) (&& (== net9.0) (< netcoreapp2.1)) (== netstandard2.0) (== netstandard2.1)
    YoloDev.Expecto.TestSdk (0.14.3)
      Expecto (>= 10.0 < 11.0) - restriction: || (== net8.0) (== net9.0) (&& (== netstandard2.0) (>= net6.0)) (&& (== netstandard2.1) (>= net6.0))
      FSharp.Core (>= 7.0.200) - restriction: || (== net8.0) (== net9.0) (&& (== netstandard2.0) (>= net6.0)) (&& (== netstandard2.1) (>= net6.0))
      System.Collections.Immutable (>= 6.0) - restriction: || (== net8.0) (== net9.0) (&& (== netstandard2.0) (>= net6.0)) (&& (== netstandard2.1) (>= net6.0))
